PATH
  remote: .
  specs:
    snowbowl (0.1.0)
      nokogiri

GEM
  remote: https://rubygems.org/
  specs:
    coderay (1.1.3)
    method_source (1.0.0)
    nokogiri (1.11.1-x86_64-darwin)
      racc (~> 1.4)
    pry (0.14.0)
      coderay (~> 1.1)
      method_source (~> 1.0)
    racc (1.5.2)
    rake (13.0.3)

PLATFORMS
  x86_64-darwin-20

DEPENDENCIES
  bundler (~> 2.0)
  pry
  rake (~> 13.0)
  snowbowl!

BUNDLED WITH
   2.2.11
