PATH
  remote: .
  specs:
    snowbowl (0.1.0)
      nokogiri

GEM
  remote: https://rubygems.org/
  specs:
    coderay (1.1.3)
    colorize (0.8.1)
    date (3.1.0)
    method_source (1.0.0)
    nokogiri (1.11.1-x86_64-darwin)
      racc (~> 1.4)
    open-uri (0.1.0)
      stringio
      time
      uri
    pry (0.14.0)
      coderay (~> 1.1)
      method_source (~> 1.0)
    racc (1.5.2)
    rake (13.0.3)
    stringio (3.0.0)
    time (0.1.0)
      date
    uri (0.10.1)

PLATFORMS
  x86_64-darwin-20

DEPENDENCIES
  bundler (~> 2.0)
  colorize
  nokogiri
  open-uri
  pry
  rake (~> 13.0)
  snowbowl!

BUNDLED WITH
   2.2.11
